GEM
  remote: http://rubygems.org/
  specs:
    highline (1.6.2)
    rake (0.8.7)

PLATFORMS
  ruby

DEPENDENCIES
  highline (~> 1.6.2)
  rake
